GEM
  remote: http://rubygems.org/
  specs:
    mini_portile (0.6.2)
    nokogiri (1.6.5)
      mini_portile (~> 0.6.0)
    ruby-mysql (2.9.13)

PLATFORMS
  ruby

DEPENDENCIES
  nokogiri
  ruby-mysql
